GIT
  remote: https://github.com/singram/zipkin-tracer.git
  revision: 5762250d697b59e2e7e0e7edea338a14e5f03502
  branch: changed_representation_of_X_B3_SAMPLED
  specs:
    zipkin-tracer (0.19.0)
      faraday (~> 0.8)
      finagle-thrift (~> 1.4.1)
      rack (>= 1.0)
      sucker_punch (~> 2.0)

GEM
  remote: https://rubygems.org/
  specs:
    concurrent-ruby (1.0.2)
    faraday (0.9.2)
      multipart-post (>= 1.2, < 3)
    finagle-thrift (1.4.1)
    multipart-post (2.0.0)
    rack (1.6.4)
    rack-protection (1.5.3)
      rack
    sinatra (1.4.7)
      rack (~> 1.5)
      rack-protection (~> 1.4)
      tilt (>= 1.3, < 3)
    sucker_punch (2.0.2)
      concurrent-ruby (~> 1.0.0)
    tilt (2.0.4)

PLATFORMS
  ruby

DEPENDENCIES
  sinatra
  zipkin-tracer!

BUNDLED WITH
   1.11.2
